GEM
  remote: https://gems.ruby-china.com/
  specs:
    ffi (1.15.3-x64-mingw32)
    jekyll-watch (2.2.1)
      listen (~> 3.0)
    kramdown (2.3.1)
      rexml
    kramdown-parser-gfm (1.1.0)
      kramdown (~> 2.0)
    listen (3.6.0)
      rb-fsevent (~> 0.10, >= 0.10.3)
      rb-inotify (~> 0.9, >= 0.9.10)
    rb-fsevent (0.11.0)
    rb-inotify (0.10.1)
      ffi (~> 1.0)
    rexml (3.2.5)

PLATFORMS
  x64-mingw32

DEPENDENCIES
  jekyll-watch
  kramdown-parser-gfm

BUNDLED WITH
   2.2.24
